PATH
  remote: .
  specs:
    magick (0.1.0)
      smullyan (~> 0.1.4)

GEM
  remote: https://rubygems.org/
  specs:
    date (3.4.1)
    erb (5.0.2)
    io-console (0.8.1)
    irb (1.15.2)
      pp (>= 0.6.0)
      rdoc (>= 4.0.0)
      reline (>= 0.4.2)
    minitest (5.25.5)
    pp (0.6.2)
      prettyprint
    prettyprint (0.2.0)
    psych (5.2.6)
      date
      stringio
    rake (13.3.0)
    rdoc (6.14.2)
      erb
      psych (>= 4.0.0)
    reline (0.6.2)
      io-console (~> 0.5)
    smullyan (0.1.4)
    stringio (3.1.7)

PLATFORMS
  arm64-darwin-24
  ruby

DEPENDENCIES
  irb
  magick!
  minitest (~> 5.16)
  rake (~> 13.0)

BUNDLED WITH
   2.7.1
